GEM
  remote: https://rubygems.org/
  specs:
    json (2.6.1)

PLATFORMS
  x64-mingw-ucrt

DEPENDENCIES
  json

BUNDLED WITH
   2.3.7
